GIT
  remote: https://gist.github.com/117441fc5236de9f7d54b76894d69dec.git
  revision: a4bd177e0d2c49770ae19d6cc716e890af60a7b3
  specs:
    string-inquirer (0.0.1)

GIT
  remote: https://github.com/rack/rack.git
  revision: 64610db2d2e7e910c4d3e17874dc316ed3eb227a
  branch: main
  specs:
    rack (3.0.0)

GEM
  remote: https://rubygems.org/
  specs:
    amazing_print (1.5.0)
    ast (2.4.2)
    backports (3.24.1)
    base64 (0.1.1)
    bigdecimal (3.1.4)
    concurrent-ruby (1.2.2)
    debug (1.8.0)
      irb (>= 1.5.0)
      reline (>= 0.3.1)
    diff-lcs (1.5.0)
    dotenv (2.8.1)
    dry-auto_inject (1.0.1)
      dry-core (~> 1.0)
      zeitwerk (~> 2.6)
    dry-configurable (1.1.0)
      dry-core (~> 1.0, < 2)
      zeitwerk (~> 2.6)
    dry-core (1.0.1)
      concurrent-ruby (~> 1.0)
      zeitwerk (~> 2.6)
    dry-events (1.0.1)
      concurrent-ruby (~> 1.0)
      dry-core (~> 1.0, < 2)
    dry-inflector (1.0.0)
    dry-logic (1.5.0)
      concurrent-ruby (~> 1.0)
      dry-core (~> 1.0, < 2)
      zeitwerk (~> 2.6)
    dry-monitor (1.0.1)
      dry-configurable (~> 1.0, < 2)
      dry-core (~> 1.0, < 2)
      dry-events (~> 1.0, < 2)
    dry-struct (1.6.0)
      dry-core (~> 1.0, < 2)
      dry-types (>= 1.7, < 2)
      ice_nine (~> 0.11)
      zeitwerk (~> 2.6)
    dry-system (1.0.1)
      dry-auto_inject (~> 1.0, < 2)
      dry-configurable (~> 1.0, < 2)
      dry-core (~> 1.0, < 2)
      dry-inflector (~> 1.0, < 2)
    dry-types (1.7.1)
      concurrent-ruby (~> 1.0)
      dry-core (~> 1.0)
      dry-inflector (~> 1.0)
      dry-logic (~> 1.4)
      zeitwerk (~> 2.6)
    ice_nine (0.11.2)
    io-console (0.6.0)
    irb (1.8.0)
      rdoc (~> 6.5)
      reline (>= 0.3.6)
    json (2.6.3)
    language_server-protocol (3.17.0.3)
    nokogiri (1.15.4-x86_64-linux)
      racc (~> 1.4)
    oj (3.16.1)
    ougai (2.0.0)
      oj (~> 3.10)
    parallel (1.23.0)
    parser (3.2.2.3)
      ast (~> 2.4.1)
      racc
    parslet (2.0.0)
    psych (5.1.0)
      stringio
    racc (1.7.1)
    rackup (2.1.0)
      rack (>= 3)
      webrick (~> 1.8)
    rainbow (3.1.1)
    rake (13.0.6)
    rdoc (6.5.0)
      psych (>= 4.0.0)
    redcarpet (3.6.0)
    regexp_parser (2.8.1)
    reline (0.3.8)
      io-console (~> 0.5)
    rexml (3.2.6)
    rspec (3.12.0)
      rspec-core (~> 3.12.0)
      rspec-expectations (~> 3.12.0)
      rspec-mocks (~> 3.12.0)
    rspec-core (3.12.2)
      rspec-support (~> 3.12.0)
    rspec-expectations (3.12.3)
      diff-lcs (>= 1.2.0, < 2.0)
      rspec-support (~> 3.12.0)
    rspec-mocks (3.12.6)
      diff-lcs (>= 1.2.0, < 2.0)
      rspec-support (~> 3.12.0)
    rspec-support (3.12.1)
    rubocop (1.56.3)
      base64 (~> 0.1.1)
      json (~> 2.3)
      language_server-protocol (>= 3.17.0)
      parallel (~> 1.10)
      parser (>= 3.2.2.3)
      rainbow (>= 2.2.2, < 4.0)
      regexp_parser (>= 1.8, < 3.0)
      rexml (>= 3.2.5, < 4.0)
      rubocop-ast (>= 1.28.1, < 2.0)
      ruby-progressbar (~> 1.7)
      unicode-display_width (>= 2.4.0, < 3.0)
    rubocop-ast (1.29.0)
      parser (>= 3.2.1.0)
    rubocop-capybara (2.18.0)
      rubocop (~> 1.41)
    rubocop-factory_bot (2.23.1)
      rubocop (~> 1.33)
    rubocop-rake (0.6.0)
      rubocop (~> 1.0)
    rubocop-rspec (2.24.0)
      rubocop (~> 1.33)
      rubocop-capybara (~> 2.17)
      rubocop-factory_bot (~> 2.22)
    rubocop-sequel (0.3.4)
      rubocop (~> 1.0)
    ruby-progressbar (1.13.0)
    sequel (5.74.0)
      bigdecimal
    sqlite3 (1.6.6-x86_64-linux)
    stringio (3.0.8)
    unicode-display_width (2.4.2)
    webrick (1.8.1)
    yard (0.9.34)
    yard-junk (0.0.9)
      backports (>= 3.18)
      rainbow
      yard
    zeitwerk (2.6.11)

PLATFORMS
  x86_64-linux

DEPENDENCIES
  amazing_print (~> 1)
  debug (~> 1)
  dotenv (~> 2.8)
  dry-events (~> 1.0)
  dry-monitor (~> 1.0)
  dry-struct (~> 1.0)
  dry-system (~> 1.0)
  dry-types (~> 1.0)
  nokogiri (~> 1.15)
  ougai (~> 2.0)
  parslet (~> 2.0)
  rack (~> 3.0)!
  rackup (~> 2)
  rake (~> 13.0)
  redcarpet (~> 3.6)
  rspec (~> 3.12)
  rubocop (~> 1.56)
  rubocop-rake (~> 0.6)
  rubocop-rspec (~> 2.24)
  rubocop-sequel (~> 0.3)
  sequel (~> 5.74)
  sqlite3 (~> 1.6)
  string-inquirer (~> 0)!
  yard (~> 0.9.34)
  yard-junk (~> 0.0.9)
  zeitwerk (~> 2.6)

RUBY VERSION
   ruby 3.2.2p53

BUNDLED WITH
   2.4.10
